GIT
  remote: https://github.com/discourse/translations-manager.git
  revision: 5f06cb81a9307553534bebf16a3121a01516119f
  specs:
    translations-manager (0.1.1)

GEM
  specs:

PLATFORMS
  ruby

DEPENDENCIES
  translations-manager!

BUNDLED WITH
   1.16.1
