GIT
  remote: https://github.com/discourse/translations-manager.git
  revision: ecddec65f6a45d678b7db45045d712106d7a69d8
  specs:
    translations-manager (0.4)

GEM
  specs:

PLATFORMS
  ruby

DEPENDENCIES
  translations-manager!

BUNDLED WITH
   1.17.3
