GIT
  remote: https://github.com/discourse/translations-manager.git
  revision: 30ee1a4bbceac724794778ad7654f0434b836a06
  specs:
    translations-manager (0.3)

GEM
  specs:

PLATFORMS
  ruby

DEPENDENCIES
  translations-manager!

BUNDLED WITH
   1.17.1
