GIT
  remote: https://github.com/discourse/translations-manager.git
  revision: 637f0fe4bbb07d5e3cea32994275a34615694d79
  specs:
    translations-manager (0.2.1)

GEM
  specs:

PLATFORMS
  ruby

DEPENDENCIES
  translations-manager!

BUNDLED WITH
   1.16.4
