GIT
  remote: https://github.com/discourse/translations-manager.git
  revision: 263dc4b189629c748229b3c2564e1d1fac0a84a7
  specs:
    translations-manager (0.4)

GEM
  specs:

PLATFORMS
  ruby

DEPENDENCIES
  translations-manager!

BUNDLED WITH
   1.17.3
