GIT
  remote: https://github.com/discourse/translations-manager.git
  revision: 212a49cfa8feaab90d26f2ff9c65f698fef750e8
  specs:
    translations-manager (0.2.1)

GEM
  specs:

PLATFORMS
  ruby

DEPENDENCIES
  translations-manager!

BUNDLED WITH
   1.16.3
