GIT
  remote: https://github.com/discourse/translations-manager.git
  revision: 57e598eb204719c15ddfd786491344c735945fea
  specs:
    translations-manager (0.1.1)

GEM
  specs:

PLATFORMS
  ruby

DEPENDENCIES
  translations-manager!

BUNDLED WITH
   1.16.1
